GIT
  remote: https://github.com/medusa-project/medusa_storage.git
  revision: 6116618c36abd8e42d49d391daf1bd96430a5e5d
  specs:
    medusa_storage (0.2.5)
      aws-sdk-s3
      hex_string
      parallel (~> 1.12)

GIT
  remote: https://github.com/medusa-project/simple-amqp-server-jruby.git
  revision: ea82174e1ab73adc7fdf9ecb9f2e0b80ebd77d40
  specs:
    simple-amqp-server (2.1.1)
      logging
      march_hare
      retryable
      uuid

GEM
  remote: https://rubygems.org/
  specs:
    aws-eventstream (1.0.1)
    aws-partitions (1.102.0)
    aws-sdk-core (3.26.0)
      aws-eventstream (~> 1.0)
      aws-partitions (~> 1.0)
      aws-sigv4 (~> 1.0)
      jmespath (~> 1.0)
    aws-sdk-kms (1.8.0)
      aws-sdk-core (~> 3)
      aws-sigv4 (~> 1.0)
    aws-sdk-s3 (1.18.0)
      aws-sdk-core (~> 3, >= 3.21.2)
      aws-sdk-kms (~> 1)
      aws-sigv4 (~> 1.0)
    aws-sigv4 (1.0.3)
    hex_string (1.0.1)
    jmespath (1.4.0)
    little-plugger (1.1.4)
    logging (2.2.2)
      little-plugger (~> 1.1)
      multi_json (~> 1.10)
    macaddr (1.7.1)
      systemu (~> 2.6.2)
    march_hare (3.0.0-java)
    multi_json (1.12.2)
    parallel (1.12.1)
    retryable (2.0.4)
    systemu (2.6.5)
    uuid (2.3.8)
      macaddr (~> 1.0)

PLATFORMS
  java

DEPENDENCIES
  medusa_storage!
  simple-amqp-server!

BUNDLED WITH
   1.15.4
