GIT
  remote: https://github.com/medusa-project/simple-amqp-server-jruby.git
  revision: cd36561f9ecf99d5cb1f14cf8f5258ba1f4ceb08
  specs:
    simple-amqp-server (1.0.10)
      logging
      march_hare
      retryable
      uuid

GEM
  remote: https://rubygems.org/
  specs:
    little-plugger (1.1.3)
    logging (2.0.0)
      little-plugger (~> 1.1)
      multi_json (~> 1.10)
    macaddr (1.7.1)
      systemu (~> 2.6.2)
    march_hare (2.11.0-java)
    multi_json (1.11.2)
    retryable (2.0.2)
    systemu (2.6.5)
    uuid (2.3.8)
      macaddr (~> 1.0)

PLATFORMS
  java

DEPENDENCIES
  simple-amqp-server!

BUNDLED WITH
   1.10.6
