GIT
  remote: https://github.com/medusa-project/simple-amqp-server.git
  revision: 3390dabe8ba74156325bd403e5c9933d01dc19b2
  specs:
    simple-amqp-server (1.0.10)
      bunny
      logging
      retryable
      uuid

GEM
  remote: https://rubygems.org/
  specs:
    amq-protocol (2.0.0)
    bunny (2.1.0)
      amq-protocol (>= 2.0.0)
    little-plugger (1.1.3)
    logging (2.0.0)
      little-plugger (~> 1.1)
      multi_json (~> 1.10)
    macaddr (1.7.1)
      systemu (~> 2.6.2)
    multi_json (1.11.2)
    retryable (2.0.2)
    systemu (2.6.5)
    uuid (2.3.8)
      macaddr (~> 1.0)

PLATFORMS
  ruby

DEPENDENCIES
  simple-amqp-server!

BUNDLED WITH
   1.10.6
