GIT
  remote: https://github.com/medusa-project/simple-amqp-server.git
  revision: aef04044681e5cefe1aa39fa9122149f6922f6d5
  specs:
    simple-amqp-server (1.0.5)
      bunny (~> 2.1)
      logging
      uuid

GEM
  remote: https://rubygems.org/
  specs:
    amq-protocol (2.0.0)
    bunny (2.1.0)
      amq-protocol (>= 2.0.0)
    little-plugger (1.1.3)
    logging (2.0.0)
      little-plugger (~> 1.1)
      multi_json (~> 1.10)
    macaddr (1.7.1)
      systemu (~> 2.6.2)
    multi_json (1.11.2)
    systemu (2.6.5)
    uuid (2.3.8)
      macaddr (~> 1.0)

PLATFORMS
  ruby

DEPENDENCIES
  simple-amqp-server!

BUNDLED WITH
   1.10.3
