GIT
  remote: https://github.com/medusa-project/simple-amqp-server.git
  revision: 1d567e1a7cd21857f7a0247c265c781d5f9d959b
  specs:
    simple-amqp-server (1.0.4)
      bunny
      logging
      uuid

GEM
  remote: https://rubygems.org/
  specs:
    amq-protocol (1.9.2)
    bunny (1.7.0)
      amq-protocol (>= 1.9.2)
    little-plugger (1.1.3)
    logging (2.0.0)
      little-plugger (~> 1.1)
      multi_json (~> 1.10)
    macaddr (1.7.1)
      systemu (~> 2.6.2)
    multi_json (1.11.0)
    systemu (2.6.5)
    uuid (2.3.8)
      macaddr (~> 1.0)

PLATFORMS
  ruby

DEPENDENCIES
  simple-amqp-server!

BUNDLED WITH
   1.10.3
